GIT
  remote: https://github.com/lian/bitcoin-ruby
  revision: f2c47a1653b480eda44c80d156f9328950ff1b84
  branch: master
  specs:
    bitcoin-ruby (0.0.19)
      eventmachine
      ffi
      scrypt

GIT
  remote: https://github.com/prawnpdf/prawn.git
  revision: 8028ca0cd2aae8c72df9fc4bf16388948423bcb2
  ref: 8028ca0cd2
  specs:
    prawn (1.0.0.rc2)
      afm
      pdf-reader (~> 1.2)
      ruby-rc4
      ttfunk (~> 1.0.3)

GIT
  remote: https://github.com/ysbaddaden/minitest-colorize
  revision: 81f2dd6aee81c83debc31572608fa89d6d9e1a19
  specs:
    minitest-colorize (0.0.6.pre)
      minitest (>= 5.2)

GEM
  remote: https://rubygems.org/
  specs:
    Ascii85 (1.0.3)
    actioncable (5.2.3)
      actionpack (= 5.2.3)
      nio4r (~> 2.0)
      websocket-driver (>= 0.6.1)
    actionmailer (5.2.3)
      actionpack (= 5.2.3)
      actionview (= 5.2.3)
      activejob (= 5.2.3)
      mail (~> 2.5, >= 2.5.4)
      rails-dom-testing (~> 2.0)
    actionpack (5.2.3)
      actionview (= 5.2.3)
      activesupport (= 5.2.3)
      rack (~> 2.0)
      rack-test (>= 0.6.3)
      rails-dom-testing (~> 2.0)
      rails-html-sanitizer (~> 1.0, >= 1.0.2)
    actionview (5.2.3)
      activesupport (= 5.2.3)
      builder (~> 3.1)
      erubi (~> 1.4)
      rails-dom-testing (~> 2.0)
      rails-html-sanitizer (~> 1.0, >= 1.0.3)
    activejob (5.2.3)
      activesupport (= 5.2.3)
      globalid (>= 0.3.6)
    activemodel (5.2.3)
      activesupport (= 5.2.3)
    activerecord (5.2.3)
      activemodel (= 5.2.3)
      activesupport (= 5.2.3)
      arel (>= 9.0)
    activestorage (5.2.3)
      actionpack (= 5.2.3)
      activerecord (= 5.2.3)
      marcel (~> 0.3.1)
    activesupport (5.2.3)
      concurrent-ruby (~> 1.0, >= 1.0.2)
      i18n (>= 0.7, < 2)
      minitest (~> 5.1)
      tzinfo (~> 1.1)
    addressable (2.6.0)
      public_suffix (>= 2.0.2, < 4.0)
    afm (0.2.2)
    arel (9.0.0)
    autoparse (0.3.3)
      addressable (>= 2.3.1)
      extlib (>= 0.9.15)
      multi_json (>= 1.0.0)
    autoprefixer-rails (9.5.1.1)
      execjs
    aws-eventstream (1.0.3)
    aws-partitions (1.163.0)
    aws-sdk (3.0.1)
      aws-sdk-resources (~> 3)
    aws-sdk-acm (1.21.0)
      aws-sdk-core (~> 3, >= 3.52.1)
      aws-sigv4 (~> 1.1)
    aws-sdk-acmpca (1.15.0)
      aws-sdk-core (~> 3, >= 3.52.1)
      aws-sigv4 (~> 1.1)
    aws-sdk-alexaforbusiness (1.24.0)
      aws-sdk-core (~> 3, >= 3.52.1)
      aws-sigv4 (~> 1.1)
    aws-sdk-amplify (1.5.0)
      aws-sdk-core (~> 3, >= 3.52.1)
      aws-sigv4 (~> 1.1)
    aws-sdk-apigateway (1.28.0)
      aws-sdk-core (~> 3, >= 3.52.1)
      aws-sigv4 (~> 1.1)
    aws-sdk-apigatewaymanagementapi (1.5.0)
      aws-sdk-core (~> 3, >= 3.52.1)
      aws-sigv4 (~> 1.1)
    aws-sdk-apigatewayv2 (1.6.0)
      aws-sdk-core (~> 3, >= 3.52.1)
      aws-sigv4 (~> 1.1)
    aws-sdk-applicationautoscaling (1.24.0)
      aws-sdk-core (~> 3, >= 3.52.1)
      aws-sigv4 (~> 1.1)
    aws-sdk-applicationdiscoveryservice (1.17.0)
      aws-sdk-core (~> 3, >= 3.52.1)
      aws-sigv4 (~> 1.1)
    aws-sdk-appmesh (1.8.0)
      aws-sdk-core (~> 3, >= 3.52.1)
      aws-sigv4 (~> 1.1)
    aws-sdk-appstream (1.28.0)
      aws-sdk-core (~> 3, >= 3.52.1)
      aws-sigv4 (~> 1.1)
    aws-sdk-appsync (1.15.0)
      aws-sdk-core (~> 3, >= 3.52.1)
      aws-sigv4 (~> 1.1)
    aws-sdk-athena (1.14.0)
      aws-sdk-core (~> 3, >= 3.52.1)
      aws-sigv4 (~> 1.1)
    aws-sdk-autoscaling (1.22.0)
      aws-sdk-core (~> 3, >= 3.52.1)
      aws-sigv4 (~> 1.1)
    aws-sdk-autoscalingplans (1.14.0)
      aws-sdk-core (~> 3, >= 3.52.1)
      aws-sigv4 (~> 1.1)
    aws-sdk-backup (1.5.0)
      aws-sdk-core (~> 3, >= 3.52.1)
      aws-sigv4 (~> 1.1)
    aws-sdk-batch (1.19.0)
      aws-sdk-core (~> 3, >= 3.52.1)
      aws-sigv4 (~> 1.1)
    aws-sdk-budgets (1.20.0)
      aws-sdk-core (~> 3, >= 3.52.1)
      aws-sigv4 (~> 1.1)
    aws-sdk-chime (1.8.0)
      aws-sdk-core (~> 3, >= 3.52.1)
      aws-sigv4 (~> 1.1)
    aws-sdk-cloud9 (1.13.0)
      aws-sdk-core (~> 3, >= 3.52.1)
      aws-sigv4 (~> 1.1)
    aws-sdk-clouddirectory (1.16.0)
      aws-sdk-core (~> 3, >= 3.52.1)
      aws-sigv4 (~> 1.1)
    aws-sdk-cloudformation (1.21.0)
      aws-sdk-core (~> 3, >= 3.52.1)
      aws-sigv4 (~> 1.1)
    aws-sdk-cloudfront (1.17.0)
      aws-sdk-core (~> 3, >= 3.52.1)
      aws-sigv4 (~> 1.1)
    aws-sdk-cloudhsm (1.14.0)
      aws-sdk-core (~> 3, >= 3.52.1)
      aws-sigv4 (~> 1.1)
    aws-sdk-cloudhsmv2 (1.14.0)
      aws-sdk-core (~> 3, >= 3.52.1)
      aws-sigv4 (~> 1.1)
    aws-sdk-cloudsearch (1.11.0)
      aws-sdk-core (~> 3, >= 3.52.1)
      aws-sigv4 (~> 1.1)
    aws-sdk-cloudsearchdomain (1.11.0)
      aws-sdk-core (~> 3, >= 3.52.1)
      aws-sigv4 (~> 1.1)
    aws-sdk-cloudtrail (1.13.0)
      aws-sdk-core (~> 3, >= 3.52.1)
      aws-sigv4 (~> 1.1)
    aws-sdk-cloudwatch (1.22.0)
      aws-sdk-core (~> 3, >= 3.52.1)
      aws-sigv4 (~> 1.1)
    aws-sdk-cloudwatchevents (1.19.0)
      aws-sdk-core (~> 3, >= 3.52.1)
      aws-sigv4 (~> 1.1)
    aws-sdk-cloudwatchlogs (1.19.0)
      aws-sdk-core (~> 3, >= 3.52.1)
      aws-sigv4 (~> 1.1)
    aws-sdk-codebuild (1.34.0)
      aws-sdk-core (~> 3, >= 3.52.1)
      aws-sigv4 (~> 1.1)
    aws-sdk-codecommit (1.19.0)
      aws-sdk-core (~> 3, >= 3.52.1)
      aws-sigv4 (~> 1.1)
    aws-sdk-codedeploy (1.20.0)
      aws-sdk-core (~> 3, >= 3.52.1)
      aws-sigv4 (~> 1.1)
    aws-sdk-codepipeline (1.19.0)
      aws-sdk-core (~> 3, >= 3.52.1)
      aws-sigv4 (~> 1.1)
    aws-sdk-codestar (1.13.0)
      aws-sdk-core (~> 3, >= 3.52.1)
      aws-sigv4 (~> 1.1)
    aws-sdk-cognitoidentity (1.12.0)
      aws-sdk-core (~> 3, >= 3.52.1)
      aws-sigv4 (~> 1.1)
    aws-sdk-cognitoidentityprovider (1.21.0)
      aws-sdk-core (~> 3, >= 3.52.1)
      aws-sigv4 (~> 1.1)
    aws-sdk-cognitosync (1.11.0)
      aws-sdk-core (~> 3, >= 3.52.1)
      aws-sigv4 (~> 1.1)
    aws-sdk-comprehend (1.20.0)
      aws-sdk-core (~> 3, >= 3.52.1)
      aws-sigv4 (~> 1.1)
    aws-sdk-comprehendmedical (1.5.0)
      aws-sdk-core (~> 3, >= 3.52.1)
      aws-sigv4 (~> 1.1)
    aws-sdk-configservice (1.29.0)
      aws-sdk-core (~> 3, >= 3.52.1)
      aws-sigv4 (~> 1.1)
    aws-sdk-connect (1.15.0)
      aws-sdk-core (~> 3, >= 3.52.1)
      aws-sigv4 (~> 1.1)
    aws-sdk-core (3.52.1)
      aws-eventstream (~> 1.0, >= 1.0.2)
      aws-partitions (~> 1.0)
      aws-sigv4 (~> 1.1)
      jmespath (~> 1.0)
    aws-sdk-costandusagereportservice (1.12.0)
      aws-sdk-core (~> 3, >= 3.52.1)
      aws-sigv4 (~> 1.1)
    aws-sdk-costexplorer (1.23.0)
      aws-sdk-core (~> 3, >= 3.52.1)
      aws-sigv4 (~> 1.1)
    aws-sdk-databasemigrationservice (1.22.0)
      aws-sdk-core (~> 3, >= 3.52.1)
      aws-sigv4 (~> 1.1)
    aws-sdk-datapipeline (1.11.0)
      aws-sdk-core (~> 3, >= 3.52.1)
      aws-sigv4 (~> 1.1)
    aws-sdk-datasync (1.6.0)
      aws-sdk-core (~> 3, >= 3.52.1)
      aws-sigv4 (~> 1.1)
    aws-sdk-dax (1.13.0)
      aws-sdk-core (~> 3, >= 3.52.1)
      aws-sigv4 (~> 1.1)
    aws-sdk-devicefarm (1.21.0)
      aws-sdk-core (~> 3, >= 3.52.1)
      aws-sigv4 (~> 1.1)
    aws-sdk-directconnect (1.19.0)
      aws-sdk-core (~> 3, >= 3.52.1)
      aws-sigv4 (~> 1.1)
    aws-sdk-directoryservice (1.17.0)
      aws-sdk-core (~> 3, >= 3.52.1)
      aws-sigv4 (~> 1.1)
    aws-sdk-dlm (1.13.0)
      aws-sdk-core (~> 3, >= 3.52.1)
      aws-sigv4 (~> 1.1)
    aws-sdk-docdb (1.6.0)
      aws-sdk-core (~> 3, >= 3.52.1)
      aws-sigv4 (~> 1.1)
    aws-sdk-dynamodb (1.28.0)
      aws-sdk-core (~> 3, >= 3.52.1)
      aws-sigv4 (~> 1.1)
    aws-sdk-dynamodbstreams (1.11.0)
      aws-sdk-core (~> 3, >= 3.52.1)
      aws-sigv4 (~> 1.1)
    aws-sdk-ec2 (1.84.0)
      aws-sdk-core (~> 3, >= 3.52.1)
      aws-sigv4 (~> 1.1)
    aws-sdk-ecr (1.16.0)
      aws-sdk-core (~> 3, >= 3.52.1)
      aws-sigv4 (~> 1.1)
    aws-sdk-ecs (1.39.0)
      aws-sdk-core (~> 3, >= 3.52.1)
      aws-sigv4 (~> 1.1)
    aws-sdk-efs (1.15.0)
      aws-sdk-core (~> 3, >= 3.52.1)
      aws-sigv4 (~> 1.1)
    aws-sdk-eks (1.18.0)
      aws-sdk-core (~> 3, >= 3.52.1)
      aws-sigv4 (~> 1.1)
    aws-sdk-elasticache (1.16.0)
      aws-sdk-core (~> 3, >= 3.52.1)
      aws-sigv4 (~> 1.1)
    aws-sdk-elasticbeanstalk (1.21.0)
      aws-sdk-core (~> 3, >= 3.52.1)
      aws-sigv4 (~> 1.1)
    aws-sdk-elasticloadbalancing (1.14.0)
      aws-sdk-core (~> 3, >= 3.52.1)
      aws-sigv4 (~> 1.1)
    aws-sdk-elasticloadbalancingv2 (1.28.0)
      aws-sdk-core (~> 3, >= 3.52.1)
      aws-sigv4 (~> 1.1)
    aws-sdk-elasticsearchservice (1.21.0)
      aws-sdk-core (~> 3, >= 3.52.1)
      aws-sigv4 (~> 1.1)
    aws-sdk-elastictranscoder (1.13.0)
      aws-sdk-core (~> 3, >= 3.52.1)
      aws-sigv4 (~> 1.1)
    aws-sdk-emr (1.16.0)
      aws-sdk-core (~> 3, >= 3.52.1)
      aws-sigv4 (~> 1.1)
    aws-sdk-firehose (1.16.0)
      aws-sdk-core (~> 3, >= 3.52.1)
      aws-sigv4 (~> 1.1)
    aws-sdk-fms (1.14.0)
      aws-sdk-core (~> 3, >= 3.52.1)
      aws-sigv4 (~> 1.1)
    aws-sdk-fsx (1.6.0)
      aws-sdk-core (~> 3, >= 3.52.1)
      aws-sigv4 (~> 1.1)
    aws-sdk-gamelift (1.18.0)
      aws-sdk-core (~> 3, >= 3.52.1)
      aws-sigv4 (~> 1.1)
    aws-sdk-glacier (1.20.0)
      aws-sdk-core (~> 3, >= 3.52.1)
      aws-sigv4 (~> 1.1)
    aws-sdk-globalaccelerator (1.6.0)
      aws-sdk-core (~> 3, >= 3.52.1)
      aws-sigv4 (~> 1.1)
    aws-sdk-glue (1.33.0)
      aws-sdk-core (~> 3, >= 3.52.1)
      aws-sigv4 (~> 1.1)
    aws-sdk-greengrass (1.19.0)
      aws-sdk-core (~> 3, >= 3.52.1)
      aws-sigv4 (~> 1.1)
    aws-sdk-guardduty (1.16.0)
      aws-sdk-core (~> 3, >= 3.52.1)
      aws-sigv4 (~> 1.1)
    aws-sdk-health (1.14.0)
      aws-sdk-core (~> 3, >= 3.52.1)
      aws-sigv4 (~> 1.1)
    aws-sdk-iam (1.22.0)
      aws-sdk-core (~> 3, >= 3.52.1)
      aws-sigv4 (~> 1.1)
    aws-sdk-importexport (1.11.0)
      aws-sdk-core (~> 3, >= 3.52.1)
      aws-sigv2 (~> 1.0)
    aws-sdk-inspector (1.18.0)
      aws-sdk-core (~> 3, >= 3.52.1)
      aws-sigv4 (~> 1.1)
    aws-sdk-iot (1.31.0)
      aws-sdk-core (~> 3, >= 3.52.1)
      aws-sigv4 (~> 1.1)
    aws-sdk-iot1clickdevicesservice (1.13.0)
      aws-sdk-core (~> 3, >= 3.52.1)
      aws-sigv4 (~> 1.1)
    aws-sdk-iot1clickprojects (1.13.0)
      aws-sdk-core (~> 3, >= 3.52.1)
      aws-sigv4 (~> 1.1)
    aws-sdk-iotanalytics (1.19.0)
      aws-sdk-core (~> 3, >= 3.52.1)
      aws-sigv4 (~> 1.1)
    aws-sdk-iotdataplane (1.11.0)
      aws-sdk-core (~> 3, >= 3.52.1)
      aws-sigv4 (~> 1.1)
    aws-sdk-iotjobsdataplane (1.12.0)
      aws-sdk-core (~> 3, >= 3.52.1)
      aws-sigv4 (~> 1.1)
    aws-sdk-kafka (1.6.0)
      aws-sdk-core (~> 3, >= 3.52.1)
      aws-sigv4 (~> 1.1)
    aws-sdk-kinesis (1.15.0)
      aws-sdk-core (~> 3, >= 3.52.1)
      aws-sigv4 (~> 1.1)
    aws-sdk-kinesisanalytics (1.15.0)
      aws-sdk-core (~> 3, >= 3.52.1)
      aws-sigv4 (~> 1.1)
    aws-sdk-kinesisanalyticsv2 (1.6.0)
      aws-sdk-core (~> 3, >= 3.52.1)
      aws-sigv4 (~> 1.1)
    aws-sdk-kinesisvideo (1.14.0)
      aws-sdk-core (~> 3, >= 3.52.1)
      aws-sigv4 (~> 1.1)
    aws-sdk-kinesisvideoarchivedmedia (1.13.0)
      aws-sdk-core (~> 3, >= 3.52.1)
      aws-sigv4 (~> 1.1)
    aws-sdk-kinesisvideomedia (1.12.0)
      aws-sdk-core (~> 3, >= 3.52.1)
      aws-sigv4 (~> 1.1)
    aws-sdk-kms (1.20.0)
      aws-sdk-core (~> 3, >= 3.52.1)
      aws-sigv4 (~> 1.1)
    aws-sdk-lambda (1.25.0)
      aws-sdk-core (~> 3, >= 3.52.1)
      aws-sigv4 (~> 1.1)
    aws-sdk-lambdapreview (1.11.0)
      aws-sdk-core (~> 3, >= 3.52.1)
      aws-sigv4 (~> 1.1)
    aws-sdk-lex (1.14.0)
      aws-sdk-core (~> 3, >= 3.52.1)
      aws-sigv4 (~> 1.1)
    aws-sdk-lexmodelbuildingservice (1.17.0)
      aws-sdk-core (~> 3, >= 3.52.1)
      aws-sigv4 (~> 1.1)
    aws-sdk-licensemanager (1.5.0)
      aws-sdk-core (~> 3, >= 3.52.1)
      aws-sigv4 (~> 1.1)
    aws-sdk-lightsail (1.20.0)
      aws-sdk-core (~> 3, >= 3.52.1)
      aws-sigv4 (~> 1.1)
    aws-sdk-machinelearning (1.12.0)
      aws-sdk-core (~> 3, >= 3.52.1)
      aws-sigv4 (~> 1.1)
    aws-sdk-macie (1.11.0)
      aws-sdk-core (~> 3, >= 3.52.1)
      aws-sigv4 (~> 1.1)
    aws-sdk-managedblockchain (1.2.0)
      aws-sdk-core (~> 3, >= 3.52.1)
      aws-sigv4 (~> 1.1)
    aws-sdk-marketplacecommerceanalytics (1.11.0)
      aws-sdk-core (~> 3, >= 3.52.1)
      aws-sigv4 (~> 1.1)
    aws-sdk-marketplaceentitlementservice (1.11.0)
      aws-sdk-core (~> 3, >= 3.52.1)
      aws-sigv4 (~> 1.1)
    aws-sdk-marketplacemetering (1.13.0)
      aws-sdk-core (~> 3, >= 3.52.1)
      aws-sigv4 (~> 1.1)
    aws-sdk-mediaconnect (1.7.0)
      aws-sdk-core (~> 3, >= 3.52.1)
      aws-sigv4 (~> 1.1)
    aws-sdk-mediaconvert (1.28.0)
      aws-sdk-core (~> 3, >= 3.52.1)
      aws-sigv4 (~> 1.1)
    aws-sdk-medialive (1.32.0)
      aws-sdk-core (~> 3, >= 3.52.1)
      aws-sigv4 (~> 1.1)
    aws-sdk-mediapackage (1.17.0)
      aws-sdk-core (~> 3, >= 3.52.1)
      aws-sigv4 (~> 1.1)
    aws-sdk-mediastore (1.14.0)
      aws-sdk-core (~> 3, >= 3.52.1)
      aws-sigv4 (~> 1.1)
    aws-sdk-mediastoredata (1.13.0)
      aws-sdk-core (~> 3, >= 3.52.1)
      aws-sigv4 (~> 1.1)
    aws-sdk-mediatailor (1.16.0)
      aws-sdk-core (~> 3, >= 3.52.1)
      aws-sigv4 (~> 1.1)
    aws-sdk-migrationhub (1.13.0)
      aws-sdk-core (~> 3, >= 3.52.1)
      aws-sigv4 (~> 1.1)
    aws-sdk-mobile (1.11.0)
      aws-sdk-core (~> 3, >= 3.52.1)
      aws-sigv4 (~> 1.1)
    aws-sdk-mq (1.15.0)
      aws-sdk-core (~> 3, >= 3.52.1)
      aws-sigv4 (~> 1.1)
    aws-sdk-mturk (1.14.0)
      aws-sdk-core (~> 3, >= 3.52.1)
      aws-sigv4 (~> 1.1)
    aws-sdk-neptune (1.14.0)
      aws-sdk-core (~> 3, >= 3.52.1)
      aws-sigv4 (~> 1.1)
    aws-sdk-opsworks (1.15.0)
      aws-sdk-core (~> 3, >= 3.52.1)
      aws-sigv4 (~> 1.1)
    aws-sdk-opsworkscm (1.18.0)
      aws-sdk-core (~> 3, >= 3.52.1)
      aws-sigv4 (~> 1.1)
    aws-sdk-organizations (1.26.0)
      aws-sdk-core (~> 3, >= 3.52.1)
      aws-sigv4 (~> 1.1)
    aws-sdk-pi (1.11.0)
      aws-sdk-core (~> 3, >= 3.52.1)
      aws-sigv4 (~> 1.1)
    aws-sdk-pinpoint (1.21.0)
      aws-sdk-core (~> 3, >= 3.52.1)
      aws-sigv4 (~> 1.1)
    aws-sdk-pinpointemail (1.8.0)
      aws-sdk-core (~> 3, >= 3.52.1)
      aws-sigv4 (~> 1.1)
    aws-sdk-pinpointsmsvoice (1.8.0)
      aws-sdk-core (~> 3, >= 3.52.1)
      aws-sigv4 (~> 1.1)
    aws-sdk-polly (1.21.0)
      aws-sdk-core (~> 3, >= 3.52.1)
      aws-sigv4 (~> 1.1)
    aws-sdk-pricing (1.11.0)
      aws-sdk-core (~> 3, >= 3.52.1)
      aws-sigv4 (~> 1.1)
    aws-sdk-quicksight (1.7.0)
      aws-sdk-core (~> 3, >= 3.52.1)
      aws-sigv4 (~> 1.1)
    aws-sdk-ram (1.6.0)
      aws-sdk-core (~> 3, >= 3.52.1)
      aws-sigv4 (~> 1.1)
    aws-sdk-rds (1.52.0)
      aws-sdk-core (~> 3, >= 3.52.1)
      aws-sigv4 (~> 1.1)
    aws-sdk-rdsdataservice (1.6.0)
      aws-sdk-core (~> 3, >= 3.52.1)
      aws-sigv4 (~> 1.1)
    aws-sdk-redshift (1.25.0)
      aws-sdk-core (~> 3, >= 3.52.1)
      aws-sigv4 (~> 1.1)
    aws-sdk-rekognition (1.24.0)
      aws-sdk-core (~> 3, >= 3.52.1)
      aws-sigv4 (~> 1.1)
    aws-sdk-resourcegroups (1.16.0)
      aws-sdk-core (~> 3, >= 3.52.1)
      aws-sigv4 (~> 1.1)
    aws-sdk-resourcegroupstaggingapi (1.11.0)
      aws-sdk-core (~> 3, >= 3.52.1)
      aws-sigv4 (~> 1.1)
    aws-sdk-resources (3.42.0)
      aws-sdk-acm (~> 1)
      aws-sdk-acmpca (~> 1)
      aws-sdk-alexaforbusiness (~> 1)
      aws-sdk-amplify (~> 1)
      aws-sdk-apigateway (~> 1)
      aws-sdk-apigatewaymanagementapi (~> 1)
      aws-sdk-apigatewayv2 (~> 1)
      aws-sdk-applicationautoscaling (~> 1)
      aws-sdk-applicationdiscoveryservice (~> 1)
      aws-sdk-appmesh (~> 1)
      aws-sdk-appstream (~> 1)
      aws-sdk-appsync (~> 1)
      aws-sdk-athena (~> 1)
      aws-sdk-autoscaling (~> 1)
      aws-sdk-autoscalingplans (~> 1)
      aws-sdk-backup (~> 1)
      aws-sdk-batch (~> 1)
      aws-sdk-budgets (~> 1)
      aws-sdk-chime (~> 1)
      aws-sdk-cloud9 (~> 1)
      aws-sdk-clouddirectory (~> 1)
      aws-sdk-cloudformation (~> 1)
      aws-sdk-cloudfront (~> 1)
      aws-sdk-cloudhsm (~> 1)
      aws-sdk-cloudhsmv2 (~> 1)
      aws-sdk-cloudsearch (~> 1)
      aws-sdk-cloudsearchdomain (~> 1)
      aws-sdk-cloudtrail (~> 1)
      aws-sdk-cloudwatch (~> 1)
      aws-sdk-cloudwatchevents (~> 1)
      aws-sdk-cloudwatchlogs (~> 1)
      aws-sdk-codebuild (~> 1)
      aws-sdk-codecommit (~> 1)
      aws-sdk-codedeploy (~> 1)
      aws-sdk-codepipeline (~> 1)
      aws-sdk-codestar (~> 1)
      aws-sdk-cognitoidentity (~> 1)
      aws-sdk-cognitoidentityprovider (~> 1)
      aws-sdk-cognitosync (~> 1)
      aws-sdk-comprehend (~> 1)
      aws-sdk-comprehendmedical (~> 1)
      aws-sdk-configservice (~> 1)
      aws-sdk-connect (~> 1)
      aws-sdk-costandusagereportservice (~> 1)
      aws-sdk-costexplorer (~> 1)
      aws-sdk-databasemigrationservice (~> 1)
      aws-sdk-datapipeline (~> 1)
      aws-sdk-datasync (~> 1)
      aws-sdk-dax (~> 1)
      aws-sdk-devicefarm (~> 1)
      aws-sdk-directconnect (~> 1)
      aws-sdk-directoryservice (~> 1)
      aws-sdk-dlm (~> 1)
      aws-sdk-docdb (~> 1)
      aws-sdk-dynamodb (~> 1)
      aws-sdk-dynamodbstreams (~> 1)
      aws-sdk-ec2 (~> 1)
      aws-sdk-ecr (~> 1)
      aws-sdk-ecs (~> 1)
      aws-sdk-efs (~> 1)
      aws-sdk-eks (~> 1)
      aws-sdk-elasticache (~> 1)
      aws-sdk-elasticbeanstalk (~> 1)
      aws-sdk-elasticloadbalancing (~> 1)
      aws-sdk-elasticloadbalancingv2 (~> 1)
      aws-sdk-elasticsearchservice (~> 1)
      aws-sdk-elastictranscoder (~> 1)
      aws-sdk-emr (~> 1)
      aws-sdk-firehose (~> 1)
      aws-sdk-fms (~> 1)
      aws-sdk-fsx (~> 1)
      aws-sdk-gamelift (~> 1)
      aws-sdk-glacier (~> 1)
      aws-sdk-globalaccelerator (~> 1)
      aws-sdk-glue (~> 1)
      aws-sdk-greengrass (~> 1)
      aws-sdk-guardduty (~> 1)
      aws-sdk-health (~> 1)
      aws-sdk-iam (~> 1)
      aws-sdk-importexport (~> 1)
      aws-sdk-inspector (~> 1)
      aws-sdk-iot (~> 1)
      aws-sdk-iot1clickdevicesservice (~> 1)
      aws-sdk-iot1clickprojects (~> 1)
      aws-sdk-iotanalytics (~> 1)
      aws-sdk-iotdataplane (~> 1)
      aws-sdk-iotjobsdataplane (~> 1)
      aws-sdk-kafka (~> 1)
      aws-sdk-kinesis (~> 1)
      aws-sdk-kinesisanalytics (~> 1)
      aws-sdk-kinesisanalyticsv2 (~> 1)
      aws-sdk-kinesisvideo (~> 1)
      aws-sdk-kinesisvideoarchivedmedia (~> 1)
      aws-sdk-kinesisvideomedia (~> 1)
      aws-sdk-kms (~> 1)
      aws-sdk-lambda (~> 1)
      aws-sdk-lambdapreview (~> 1)
      aws-sdk-lex (~> 1)
      aws-sdk-lexmodelbuildingservice (~> 1)
      aws-sdk-licensemanager (~> 1)
      aws-sdk-lightsail (~> 1)
      aws-sdk-machinelearning (~> 1)
      aws-sdk-macie (~> 1)
      aws-sdk-managedblockchain (~> 1)
      aws-sdk-marketplacecommerceanalytics (~> 1)
      aws-sdk-marketplaceentitlementservice (~> 1)
      aws-sdk-marketplacemetering (~> 1)
      aws-sdk-mediaconnect (~> 1)
      aws-sdk-mediaconvert (~> 1)
      aws-sdk-medialive (~> 1)
      aws-sdk-mediapackage (~> 1)
      aws-sdk-mediastore (~> 1)
      aws-sdk-mediastoredata (~> 1)
      aws-sdk-mediatailor (~> 1)
      aws-sdk-migrationhub (~> 1)
      aws-sdk-mobile (~> 1)
      aws-sdk-mq (~> 1)
      aws-sdk-mturk (~> 1)
      aws-sdk-neptune (~> 1)
      aws-sdk-opsworks (~> 1)
      aws-sdk-opsworkscm (~> 1)
      aws-sdk-organizations (~> 1)
      aws-sdk-pi (~> 1)
      aws-sdk-pinpoint (~> 1)
      aws-sdk-pinpointemail (~> 1)
      aws-sdk-pinpointsmsvoice (~> 1)
      aws-sdk-polly (~> 1)
      aws-sdk-pricing (~> 1)
      aws-sdk-quicksight (~> 1)
      aws-sdk-ram (~> 1)
      aws-sdk-rds (~> 1)
      aws-sdk-rdsdataservice (~> 1)
      aws-sdk-redshift (~> 1)
      aws-sdk-rekognition (~> 1)
      aws-sdk-resourcegroups (~> 1)
      aws-sdk-resourcegroupstaggingapi (~> 1)
      aws-sdk-robomaker (~> 1)
      aws-sdk-route53 (~> 1)
      aws-sdk-route53domains (~> 1)
      aws-sdk-route53resolver (~> 1)
      aws-sdk-s3 (~> 1)
      aws-sdk-s3control (~> 1)
      aws-sdk-sagemaker (~> 1)
      aws-sdk-sagemakerruntime (~> 1)
      aws-sdk-secretsmanager (~> 1)
      aws-sdk-securityhub (~> 1)
      aws-sdk-serverlessapplicationrepository (~> 1)
      aws-sdk-servicecatalog (~> 1)
      aws-sdk-servicediscovery (~> 1)
      aws-sdk-ses (~> 1)
      aws-sdk-shield (~> 1)
      aws-sdk-signer (~> 1)
      aws-sdk-simpledb (~> 1)
      aws-sdk-sms (~> 1)
      aws-sdk-snowball (~> 1)
      aws-sdk-sns (~> 1)
      aws-sdk-sqs (~> 1)
      aws-sdk-ssm (~> 1)
      aws-sdk-states (~> 1)
      aws-sdk-storagegateway (~> 1)
      aws-sdk-support (~> 1)
      aws-sdk-swf (~> 1)
      aws-sdk-textract (~> 1)
      aws-sdk-transcribeservice (~> 1)
      aws-sdk-transcribestreamingservice (~> 1)
      aws-sdk-transfer (~> 1)
      aws-sdk-translate (~> 1)
      aws-sdk-waf (~> 1)
      aws-sdk-wafregional (~> 1)
      aws-sdk-workdocs (~> 1)
      aws-sdk-worklink (~> 1)
      aws-sdk-workmail (~> 1)
      aws-sdk-workspaces (~> 1)
      aws-sdk-xray (~> 1)
    aws-sdk-robomaker (1.7.0)
      aws-sdk-core (~> 3, >= 3.52.1)
      aws-sigv4 (~> 1.1)
    aws-sdk-route53 (1.24.0)
      aws-sdk-core (~> 3, >= 3.52.1)
      aws-sigv4 (~> 1.1)
    aws-sdk-route53domains (1.13.0)
      aws-sdk-core (~> 3, >= 3.52.1)
      aws-sigv4 (~> 1.1)
    aws-sdk-route53resolver (1.6.0)
      aws-sdk-core (~> 3, >= 3.52.1)
      aws-sigv4 (~> 1.1)
    aws-sdk-s3 (1.39.0)
      aws-sdk-core (~> 3, >= 3.52.1)
      aws-sdk-kms (~> 1)
      aws-sigv4 (~> 1.0)
    aws-sdk-s3control (1.7.0)
      aws-sdk-core (~> 3, >= 3.52.1)
      aws-sigv4 (~> 1.0)
    aws-sdk-sagemaker (1.36.0)
      aws-sdk-core (~> 3, >= 3.52.1)
      aws-sigv4 (~> 1.1)
    aws-sdk-sagemakerruntime (1.12.0)
      aws-sdk-core (~> 3, >= 3.52.1)
      aws-sigv4 (~> 1.1)
    aws-sdk-secretsmanager (1.26.0)
      aws-sdk-core (~> 3, >= 3.52.1)
      aws-sigv4 (~> 1.1)
    aws-sdk-securityhub (1.6.0)
      aws-sdk-core (~> 3, >= 3.52.1)
      aws-sigv4 (~> 1.1)
    aws-sdk-serverlessapplicationrepository (1.17.0)
      aws-sdk-core (~> 3, >= 3.52.1)
      aws-sigv4 (~> 1.1)
    aws-sdk-servicecatalog (1.24.0)
      aws-sdk-core (~> 3, >= 3.52.1)
      aws-sigv4 (~> 1.1)
    aws-sdk-servicediscovery (1.14.0)
      aws-sdk-core (~> 3, >= 3.52.1)
      aws-sigv4 (~> 1.1)
    aws-sdk-ses (1.20.0)
      aws-sdk-core (~> 3, >= 3.52.1)
      aws-sigv4 (~> 1.1)
    aws-sdk-shield (1.15.0)
      aws-sdk-core (~> 3, >= 3.52.1)
      aws-sigv4 (~> 1.1)
    aws-sdk-signer (1.11.0)
      aws-sdk-core (~> 3, >= 3.52.1)
      aws-sigv4 (~> 1.1)
    aws-sdk-simpledb (1.11.0)
      aws-sdk-core (~> 3, >= 3.52.1)
      aws-sigv2 (~> 1.0)
    aws-sdk-sms (1.12.0)
      aws-sdk-core (~> 3, >= 3.52.1)
      aws-sigv4 (~> 1.1)
    aws-sdk-snowball (1.16.0)
      aws-sdk-core (~> 3, >= 3.52.1)
      aws-sigv4 (~> 1.1)
    aws-sdk-sns (1.15.0)
      aws-sdk-core (~> 3, >= 3.52.1)
      aws-sigv4 (~> 1.1)
    aws-sdk-sqs (1.15.0)
      aws-sdk-core (~> 3, >= 3.52.1)
      aws-sigv4 (~> 1.1)
    aws-sdk-ssm (1.46.0)
      aws-sdk-core (~> 3, >= 3.52.1)
      aws-sigv4 (~> 1.1)
    aws-sdk-states (1.16.0)
      aws-sdk-core (~> 3, >= 3.52.1)
      aws-sigv4 (~> 1.1)
    aws-sdk-storagegateway (1.24.0)
      aws-sdk-core (~> 3, >= 3.52.1)
      aws-sigv4 (~> 1.1)
    aws-sdk-support (1.11.0)
      aws-sdk-core (~> 3, >= 3.52.1)
      aws-sigv4 (~> 1.1)
    aws-sdk-swf (1.11.0)
      aws-sdk-core (~> 3, >= 3.52.1)
      aws-sigv4 (~> 1.1)
    aws-sdk-textract (1.6.0)
      aws-sdk-core (~> 3, >= 3.52.1)
      aws-sigv4 (~> 1.1)
    aws-sdk-transcribeservice (1.21.0)
      aws-sdk-core (~> 3, >= 3.52.1)
      aws-sigv4 (~> 1.1)
    aws-sdk-transcribestreamingservice (1.4.0)
      aws-sdk-core (~> 3, >= 3.52.1)
      aws-sigv4 (~> 1.1)
    aws-sdk-transfer (1.8.0)
      aws-sdk-core (~> 3, >= 3.52.1)
      aws-sigv4 (~> 1.1)
    aws-sdk-translate (1.13.0)
      aws-sdk-core (~> 3, >= 3.52.1)
      aws-sigv4 (~> 1.1)
    aws-sdk-waf (1.18.0)
      aws-sdk-core (~> 3, >= 3.52.1)
      aws-sigv4 (~> 1.1)
    aws-sdk-wafregional (1.19.0)
      aws-sdk-core (~> 3, >= 3.52.1)
      aws-sigv4 (~> 1.1)
    aws-sdk-workdocs (1.14.0)
      aws-sdk-core (~> 3, >= 3.52.1)
      aws-sigv4 (~> 1.1)
    aws-sdk-worklink (1.6.0)
      aws-sdk-core (~> 3, >= 3.52.1)
      aws-sigv4 (~> 1.1)
    aws-sdk-workmail (1.14.0)
      aws-sdk-core (~> 3, >= 3.52.1)
      aws-sigv4 (~> 1.1)
    aws-sdk-workspaces (1.21.0)
      aws-sdk-core (~> 3, >= 3.52.1)
      aws-sigv4 (~> 1.1)
    aws-sdk-xray (1.16.0)
      aws-sdk-core (~> 3, >= 3.52.1)
      aws-sigv4 (~> 1.1)
    aws-sigv2 (1.0.1)
    aws-sigv4 (1.1.0)
      aws-eventstream (~> 1.0, >= 1.0.2)
    better_errors (2.5.1)
      coderay (>= 1.0.0)
      erubi (>= 1.0.0)
      rack (>= 0.9.0)
    binding_of_caller (0.8.0)
      debug_inspector (>= 0.0.1)
    blockcypher-ruby (0.2.4)
      bitcoin-ruby (~> 0.0.5)
      ffi
    bootstrap-sass (3.4.1)
      autoprefixer-rails (>= 5.2.1)
      sassc (>= 2.0.0)
    btcruby (1.8)
      ffi (~> 1.9, >= 1.9.3)
    builder (3.2.3)
    byebug (11.0.1)
    climate_control (0.2.0)
    cocaine (0.5.7)
      climate_control (>= 0.0.3, < 1.0)
    coderay (1.1.2)
    coffee-rails (5.0.0)
      coffee-script (>= 2.2.0)
      railties (>= 5.2.0)
    coffee-script (2.4.1)
      coffee-script-source
      execjs
    coffee-script-source (1.12.2)
    concurrent-ruby (1.1.5)
    connection_pool (2.2.2)
    crass (1.0.4)
    debug_inspector (0.0.3)
    domain_name (0.5.20180417)
      unf (>= 0.0.5, < 1.0.0)
    email_validator (2.0.1)
      activemodel
    erubi (1.8.0)
    eventmachine (1.2.7)
    execjs (2.7.0)
    extlib (0.9.16)
    factory_bot (5.0.2)
      activesupport (>= 4.2.0)
    faraday (0.15.4)
      multipart-post (>= 1.2, < 3)
    ffi (1.11.0)
    ffi-compiler (1.0.1)
      ffi (>= 1.0.0)
      rake
    figaro (1.1.1)
      thor (~> 0.14)
    formatador (0.2.5)
    gibbon (3.2.0)
      faraday (>= 0.9.1)
      multi_json (>= 1.11.0)
    globalid (0.4.2)
      activesupport (>= 4.2.0)
    google-api-client (0.7.1)
      addressable (>= 2.3.2)
      autoparse (>= 0.3.3)
      extlib (>= 0.9.15)
      faraday (>= 0.9.0)
      jwt (>= 0.1.5)
      launchy (>= 2.1.1)
      multi_json (>= 1.0.0)
      retriable (>= 1.4)
      signet (>= 0.5.0)
      uuidtools (>= 2.1.0)
    guard (2.15.0)
      formatador (>= 0.2.4)
      listen (>= 2.7, < 4.0)
      lumberjack (>= 1.0.12, < 2.0)
      nenv (~> 0.1)
      notiffany (~> 0.0)
      pry (>= 0.9.12)
      shellany (~> 0.0)
      thor (>= 0.18.1)
    guard-minitest (2.3.2)
      guard (~> 2.0)
      minitest (>= 3.0)
    hashery (2.1.2)
    hashie (3.6.0)
    high_voltage (3.1.1)
    http-cookie (1.0.3)
      domain_name (~> 0.5)
    i18n (1.6.0)
      concurrent-ruby (~> 1.0)
    jmespath (1.4.0)
    jquery-rails (4.3.3)
      rails-dom-testing (>= 1, < 3)
      railties (>= 4.2.0)
      thor (>= 0.14, < 2.0)
    jwt (2.1.0)
    kgio (2.11.2)
    launchy (2.4.3)
      addressable (~> 2.3)
    listen (3.1.5)
      rb-fsevent (~> 0.9, >= 0.9.4)
      rb-inotify (~> 0.9, >= 0.9.7)
      ruby_dep (~> 1.2)
    loofah (2.2.3)
      crass (~> 1.0.2)
      nokogiri (>= 1.5.9)
    lumberjack (1.0.13)
    mail (2.7.1)
      mini_mime (>= 0.1.1)
    mail_form (1.7.1)
      actionmailer (>= 3.2, < 6)
      activemodel (>= 3.2, < 6)
    marcel (0.3.3)
      mimemagic (~> 0.3.2)
    mechanize (2.7.6)
      domain_name (~> 0.5, >= 0.5.1)
      http-cookie (~> 1.0)
      mime-types (>= 1.17.2)
      net-http-digest_auth (~> 1.1, >= 1.1.1)
      net-http-persistent (>= 2.5.2)
      nokogiri (~> 1.6)
      ntlm-http (~> 0.1, >= 0.1.1)
      webrobots (>= 0.0.9, < 0.2)
    method_source (0.9.2)
    mime-types (3.2.2)
      mime-types-data (~> 3.2015)
    mime-types-data (3.2019.0331)
    mimemagic (0.3.3)
    mini_mime (1.0.1)
    mini_portile2 (2.3.0)
    minitest (5.11.3)
    money-tree (0.10.0)
      ffi
    mono_logger (1.1.0)
    multi_json (1.13.1)
    multi_xml (0.6.0)
    multipart-post (2.1.1)
    mustermann (1.0.3)
    nenv (0.3.0)
    net-http-digest_auth (1.4.1)
    net-http-persistent (3.0.1)
      connection_pool (~> 2.2)
    newrelic_rpm (6.3.0.355)
    nio4r (2.3.1)
    nokogiri (1.8.5)
      mini_portile2 (~> 2.3.0)
    notiffany (0.1.1)
      nenv (~> 0.1)
      shellany (~> 0.0)
    ntlm-http (0.1.1)
    oauth2 (1.4.1)
      faraday (>= 0.8, < 0.16.0)
      jwt (>= 1.0, < 3.0)
      multi_json (~> 1.3)
      multi_xml (~> 0.5)
      rack (>= 1.2, < 3)
    omniauth (1.9.0)
      hashie (>= 3.4.6, < 3.7.0)
      rack (>= 1.6.2, < 3)
    omniauth-google-oauth2 (0.6.1)
      jwt (>= 2.0)
      omniauth (>= 1.1.1)
      omniauth-oauth2 (>= 1.5)
    omniauth-oauth2 (1.6.0)
      oauth2 (~> 1.1)
      omniauth (~> 1.9)
    paperclip (6.1.0)
      activemodel (>= 4.2.0)
      activesupport (>= 4.2.0)
      mime-types
      mimemagic (~> 0.3.0)
      terrapin (~> 0.6.0)
    pdf-reader (1.4.1)
      Ascii85 (~> 1.0.0)
      afm (~> 0.2.1)
      hashery (~> 2.0)
      ruby-rc4
      ttfunk
    pg (0.21.0)
    pry (0.12.2)
      coderay (~> 1.1.0)
      method_source (~> 0.9.0)
    public_suffix (3.0.3)
    puma (3.12.1)
    rack (2.0.7)
    rack-protection (2.0.5)
      rack
    rack-test (1.1.0)
      rack (>= 1.0, < 3)
    rails (5.2.3)
      actioncable (= 5.2.3)
      actionmailer (= 5.2.3)
      actionpack (= 5.2.3)
      actionview (= 5.2.3)
      activejob (= 5.2.3)
      activemodel (= 5.2.3)
      activerecord (= 5.2.3)
      activestorage (= 5.2.3)
      activesupport (= 5.2.3)
      bundler (>= 1.3.0)
      railties (= 5.2.3)
      sprockets-rails (>= 2.0.0)
    rails-dom-testing (2.0.3)
      activesupport (>= 4.2.0)
      nokogiri (>= 1.6)
    rails-html-sanitizer (1.0.4)
      loofah (~> 2.2, >= 2.2.2)
    rails_12factor (0.0.3)
      rails_serve_static_assets
      rails_stdout_logging
    rails_layout (1.0.42)
    rails_serve_static_assets (0.0.5)
    rails_stdout_logging (0.0.5)
    railties (5.2.3)
      actionpack (= 5.2.3)
      activesupport (= 5.2.3)
      method_source
      rake (>= 0.8.7)
      thor (>= 0.19.0, < 2.0)
    raindrops (0.19.0)
    rake (12.3.2)
    rb-fsevent (0.10.3)
    rb-inotify (0.10.0)
      ffi (~> 1.0)
    redis (4.1.1)
    redis-namespace (1.6.0)
      redis (>= 3.0.4)
    redis-store (1.6.0)
      redis (>= 2.2, < 5)
    resque (2.0.0)
      mono_logger (~> 1.0)
      multi_json (~> 1.0)
      redis-namespace (~> 1.6)
      sinatra (>= 0.9.2)
      vegas (~> 0.1.2)
    resque_mailer (2.4.3)
      actionmailer (>= 3.0)
      activesupport (>= 3.0)
    retriable (3.1.2)
    ruby-rc4 (0.1.5)
    ruby_dep (1.5.0)
    ruby_http_client (3.3.0)
    sass (3.7.4)
      sass-listen (~> 4.0.0)
    sass-listen (4.0.0)
      rb-fsevent (~> 0.9, >= 0.9.4)
      rb-inotify (~> 0.9, >= 0.9.7)
    sass-rails (5.0.7)
      railties (>= 4.0.0, < 6)
      sass (~> 3.1)
      sprockets (>= 2.8, < 4.0)
      sprockets-rails (>= 2.0, < 4.0)
      tilt (>= 1.1, < 3)
    sassc (2.0.1)
      ffi (~> 1.9)
      rake
    scrypt (3.0.6)
      ffi-compiler (>= 1.0, < 2.0)
    sendgrid-ruby (5.3.0)
      ruby_http_client (~> 3.3.0)
      sinatra (>= 1.4.7, < 3)
    shellany (0.0.1)
    signet (0.11.0)
      addressable (~> 2.3)
      faraday (~> 0.9)
      jwt (>= 1.5, < 3.0)
      multi_json (~> 1.10)
    simple_form (4.1.0)
      actionpack (>= 5.0)
      activemodel (>= 5.0)
    sinatra (2.0.5)
      mustermann (~> 1.0)
      rack (~> 2.0)
      rack-protection (= 2.0.5)
      tilt (~> 2.0)
    sprockets (3.7.2)
      concurrent-ruby (~> 1.0)
      rack (> 1, < 3)
    sprockets-rails (3.2.1)
      actionpack (>= 4.0)
      activesupport (>= 4.0)
      sprockets (>= 3.0.0)
    terminal-notifier (1.6.3)
    terminal-notifier-guard (1.6.4)
    terrapin (0.6.0)
      climate_control (>= 0.0.3, < 1.0)
    thor (0.20.3)
    thread_safe (0.3.6)
    tilt (2.0.9)
    ttfunk (1.0.3)
    tzinfo (1.2.5)
      thread_safe (~> 0.1)
    uglifier (4.1.20)
      execjs (>= 0.3.0, < 3)
    unf (0.1.4)
      unf_ext
    unf_ext (0.0.7.6)
    unicorn (5.5.1)
      kgio (~> 2.6)
      raindrops (~> 0.7)
    uuidtools (2.1.5)
    vegas (0.1.11)
      rack (>= 1.0.0)
    webrobots (0.1.2)
    websocket-driver (0.7.0)
      websocket-extensions (>= 0.1.0)
    websocket-extensions (0.1.3)
    will_paginate (3.1.7)
    zeroclipboard-rails (0.1.2)
      railties (>= 3.1)

PLATFORMS
  ruby

DEPENDENCIES
  aws-sdk
  better_errors
  binding_of_caller
  bitcoin-ruby!
  blockcypher-ruby
  bootstrap-sass
  btcruby (~> 1.6)
  byebug
  cocaine (= 0.5.7)
  coffee-rails
  email_validator
  factory_bot
  figaro
  gibbon
  google-api-client (~> 0.7.1)
  guard-minitest (~> 2.3.2)
  high_voltage
  jquery-rails
  launchy (>= 2.1.1)
  mail_form
  mechanize
  minitest-colorize!
  money-tree
  newrelic_rpm
  nokogiri (~> 1.8.2)
  omniauth
  omniauth-google-oauth2
  paperclip
  pg (~> 0.18)
  prawn!
  puma
  rails (~> 5.2.2)
  rails_12factor
  rails_layout
  redis
  redis-store
  resque
  resque_mailer
  sass-rails
  sendgrid-ruby
  simple_form
  sprockets (~> 3.7.2)
  terminal-notifier (~> 1.6.2)
  terminal-notifier-guard (~> 1.6.4)
  uglifier (>= 1.3.0)
  unicorn
  will_paginate (>= 3.1)
  zeroclipboard-rails

RUBY VERSION
   ruby 2.5.3p105

BUNDLED WITH
   2.0.1
